PATH
  remote: .
  specs:
    partial_finder (0.1.0)
      activesupport
      colorize

GEM
  remote: https://rubygems.org/
  specs:
    activesupport (6.1.4.4)
      concurrent-ruby (~> 1.0, >= 1.0.2)
      i18n (>= 1.6, < 2)
      minitest (>= 5.1)
      tzinfo (~> 2.0)
      zeitwerk (~> 2.3)
    byebug (11.1.3)
    colorize (0.8.1)
    concurrent-ruby (1.1.9)
    diff-lcs (1.5.0)
    i18n (1.8.11)
      concurrent-ruby (~> 1.0)
    minitest (5.15.0)
    rake (10.5.0)
    rspec (3.10.0)
      rspec-core (~> 3.10.0)
      rspec-expectations (~> 3.10.0)
      rspec-mocks (~> 3.10.0)
    rspec-core (3.10.1)
      rspec-support (~> 3.10.0)
    rspec-expectations (3.10.1)
      diff-lcs (>= 1.2.0, < 2.0)
      rspec-support (~> 3.10.0)
    rspec-mocks (3.10.2)
      diff-lcs (>= 1.2.0, < 2.0)
      rspec-support (~> 3.10.0)
    rspec-support (3.10.3)
    tzinfo (2.0.4)
      concurrent-ruby (~> 1.0)
    zeitwerk (2.5.3)

PLATFORMS
  ruby

DEPENDENCIES
  bundler (~> 1.17)
  byebug
  partial_finder!
  rake (~> 10.0)
  rspec (~> 3.0)

BUNDLED WITH
   1.17.2
